GIT
  remote: https://github.com/rspec/rspec-core.git
  revision: 247d0a706ffa955718d600f3588aeb1e60cebde4
  branch: main
  specs:
    rspec-core (3.11.0.pre)
      rspec-support (= 3.11.0.pre)

GIT
  remote: https://github.com/rspec/rspec-expectations.git
  revision: 040d1b0bba83031c9ae432fd3a4462fdd1cc74e7
  branch: main
  specs:
    rspec-expectations (3.11.0.pre)
      diff-lcs (>= 1.2.0, < 2.0)
      rspec-support (= 3.11.0.pre)

GIT
  remote: https://github.com/rspec/rspec-mocks.git
  revision: bce0cfb9d8fb61dd8b67caa382e32835875063dd
  branch: main
  specs:
    rspec-mocks (3.11.0.pre)
      diff-lcs (>= 1.2.0, < 2.0)
      rspec-support (= 3.11.0.pre)

GIT
  remote: https://github.com/rspec/rspec-support.git
  revision: 4ad8392d0787a66f9c351d9cf6c7618e18b3d0f2
  branch: main
  specs:
    rspec-support (3.11.0.pre)

GIT
  remote: https://github.com/rspec/rspec.git
  revision: 9fb905ef4a6c4b7303c7eeee654128126d73c42b
  branch: main
  specs:
    rspec (3.11.0.pre)
      rspec-core (= 3.11.0.pre)
      rspec-expectations (= 3.11.0.pre)
      rspec-mocks (= 3.11.0.pre)

GEM
  remote: https://rubygems.org/
  specs:
    diff-lcs (1.4.4)
    dotenv (2.7.6)
    multi_json (1.15.0)
    mustermann (1.1.1)
      ruby2_keywords (~> 0.0.1)
    rack (2.2.3)
    rack-protection (2.1.0)
      rack
    rack-test (1.1.0)
      rack (>= 1.0, < 3)
    rake (13.0.4)
    rspec-autotest (1.0.2)
      rspec-core (>= 2.99.0.beta1, < 4.0.0)
    ruby2_keywords (0.0.4)
    sinatra (2.1.0)
      mustermann (~> 1.0)
      rack (~> 2.2)
      rack-protection (= 2.1.0)
      tilt (~> 2.0)
    sinatra-contrib (2.1.0)
      multi_json
      mustermann (~> 1.0)
      rack-protection (= 2.1.0)
      sinatra (= 2.1.0)
      tilt (~> 2.0)
    tilt (2.0.10)

PLATFORMS
  x86_64-darwin-20

DEPENDENCIES
  dotenv
  rack-test
  rake
  rspec!
  rspec-autotest
  rspec-core!
  rspec-expectations!
  rspec-mocks!
  rspec-support!
  sinatra
  sinatra-contrib

BUNDLED WITH
   2.2.21
